GEM
  remote: https://rubygems.org/
  specs:
    coderay (1.1.1)
    lunchy (0.10.4)
    method_source (0.8.2)
    pry (0.10.4)
      coderay (~> 1.1.0)
      method_source (~> 0.8.1)
      slop (~> 3.4)
    slop (3.6.0)
    zeus (0.15.10)
      method_source (>= 0.6.7)

PLATFORMS
  ruby

DEPENDENCIES
  bundler
  lunchy
  pry
  zeus

BUNDLED WITH
   1.15.1
